GEM
  remote: https://rubygems.org/
  specs:
    activesupport (7.1.3)
      base64
      bigdecimal
      concurrent-ruby (~> 1.0, >= 1.0.2)
      connection_pool (>= 2.2.5)
      drb
      i18n (>= 1.6, < 2)
      minitest (>= 5.1)
      mutex_m
      tzinfo (~> 2.0)
    base64 (0.2.0)
    bigdecimal (3.1.6)
    concurrent-ruby (1.2.3)
    connection_pool (2.4.1)
    drb (2.2.0)
      ruby2_keywords
    i18n (1.14.1)
      concurrent-ruby (~> 1.0)
    minitest (5.22.2)
    mustermann (1.1.2)
      ruby2_keywords (~> 0.0.1)
    mutex_m (0.2.0)
    optimist (3.1.0)
    rack (2.2.8)
    rack-protection (2.0.8.1)
      rack
    ruby2_keywords (0.0.5)
    sinatra (2.0.8.1)
      mustermann (~> 1.0)
      rack (~> 2.0)
      rack-protection (= 2.0.8.1)
      tilt (~> 2.0)
    tilt (2.3.0)
    tzinfo (2.0.6)
      concurrent-ruby (~> 1.0)
    weaver (0.8.10)
      activesupport
      optimist
      sinatra (~> 2.0.3)
    webrick (1.8.1)

PLATFORMS
  ruby

DEPENDENCIES
  weaver
  webrick

BUNDLED WITH
   2.1.4
